GEM
  remote: https://rubygems.org/
  specs:
    aws-sdk-core (2.1.7)
      jmespath (~> 1.0)
    aws-sdk-resources (2.1.7)
      aws-sdk-core (= 2.1.7)
    jmespath (1.0.2)
      multi_json (~> 1.0)
    multi_json (1.11.2)
    slack-notifier (1.2.1)

PLATFORMS
  ruby

DEPENDENCIES
  aws-sdk-resources
  slack-notifier
